GEM
  remote: https://rubygems.org/
  specs:
    arp_scan (0.1.0)
    foreman (0.82.0)
      thor (~> 0.19.1)
    mqtt (0.4.0)
    net-ldap (0.15.0)
    thor (0.19.4)

PLATFORMS
  ruby

DEPENDENCIES
  arp_scan (~> 0.1.0)
  foreman (~> 0.82.0)
  mqtt (~> 0.4.0)
  net-ldap (~> 0.15.0)

BUNDLED WITH
   1.13.6
